PATH
  remote: /Users/chengguozhi/Desktop/Gitlinkmap/linkmap_ios
  specs:
    linkmap_ios (0.1.1)
      filesize (~> 0.1.1)
      thor (~> 0.19.1)

GEM
  remote: http://ruby.sankuai.com/
  specs:
    filesize (0.1.1)
    thor (0.19.4)

PLATFORMS
  ruby

DEPENDENCIES
  linkmap_ios!

BUNDLED WITH
   1.16.2
